GEM
  remote: https://rubygems.org/
  specs:
    faraday (0.9.0)
      multipart-post (>= 1.2, < 3)
    faraday-http-cache (0.4.2)
      faraday (~> 0.8)
    glorify (0.5.0)
      nokogiri
      rdoc-rouge
      sinatra
    json (1.8.6)
    kgio (2.9.2)
    mini_portile2 (2.4.0)
    multipart-post (2.0.0)
    newrelic_rpm (3.6.5.130)
    nokogiri (1.10.8)
      mini_portile2 (~> 2.4.0)
    rack (1.6.12)
    rack-cache (1.2)
      rack (>= 0.4)
    rack-protection (1.5.5)
      rack
    raindrops (0.13.0)
    rdoc (4.1.1)
      json (~> 1.4)
    rdoc-rouge (0.1.0)
      rdoc (~> 4.0)
      rouge (~> 0.3.0)
    rouge (0.3.2)
      thor
    sass (3.2.5)
    sinatra (1.4.8)
      rack (~> 1.5)
      rack-protection (~> 1.4)
      tilt (>= 1.3, < 3)
    slim (1.3.6)
      temple (~> 0.5.5)
      tilt (~> 1.3.3)
    temple (0.5.5)
    thor (0.18.0)
    tilt (1.3.7)
    unicorn (4.8.3)
      kgio (~> 2.6)
      rack
      raindrops (~> 0.7)

PLATFORMS
  ruby

DEPENDENCIES
  faraday
  faraday-http-cache
  glorify (~> 0.5.0)
  json
  newrelic_rpm
  rack-cache
  rdoc (~> 4.1)
  sass
  sinatra
  slim
  unicorn

RUBY VERSION
   ruby 2.5.1p57

BUNDLED WITH
   1.16.1
